REDIRECTS: ON
RESTRICTION: == net461
NUGET
  remote: https://www.nuget.org/api/v2
    Antlr (3.4.1.9004)
    Castle.Core (4.4)
    FluentAssertions (5.8)
      System.ValueTuple (>= 4.4)
    Microsoft.ApplicationInsights (2.0)
    Microsoft.ApplicationInsights.Agent.Intercept (2.4)
    Microsoft.ApplicationInsights.DependencyCollector (2.0)
      Microsoft.ApplicationInsights (2.0)
      Microsoft.ApplicationInsights.Agent.Intercept (>= 1.2.1)
    Microsoft.ApplicationInsights.PerfCounterCollector (2.0)
      Microsoft.ApplicationInsights (2.0)
    Microsoft.ApplicationInsights.Web (2.0)
      Microsoft.ApplicationInsights (2.0)
      Microsoft.ApplicationInsights.WindowsServer (>= 2.0)
    Microsoft.ApplicationInsights.WindowsServer (2.0)
      Microsoft.ApplicationInsights (2.0)
      Microsoft.ApplicationInsights.DependencyCollector (>= 2.0)
      Microsoft.ApplicationInsights.PerfCounterCollector (>= 2.0)
      Microsoft.ApplicationInsights.WindowsServer.TelemetryChannel (2.0)
    Microsoft.ApplicationInsights.WindowsServer.TelemetryChannel (2.0)
      Microsoft.ApplicationInsights (2.0)
    Microsoft.AspNet.WebApi.Client (5.2.7)
      Newtonsoft.Json (>= 6.0.4)
    Microsoft.AspNet.WebApi.Core (5.2.7)
      Microsoft.AspNet.WebApi.Client (>= 5.2.7)
    Microsoft.AspNet.WebApi.Owin (5.2.7)
      Microsoft.AspNet.WebApi.Core (>= 5.2.7 < 5.3)
      Microsoft.Owin (>= 2.0.2)
      Owin (>= 1.0)
    Microsoft.AspNet.WebApi.OwinSelfHost (5.2.7)
      Microsoft.AspNet.WebApi.Owin (>= 5.2.7 < 5.3)
      Microsoft.Owin.Host.HttpListener (>= 2.0.2)
      Microsoft.Owin.Hosting (>= 2.0.2)
    Microsoft.CodeDom.Providers.DotNetCompilerPlatform (1.0)
      Microsoft.Net.Compilers (>= 1.0)
    Microsoft.Net.Compilers (3.2.1)
    Microsoft.Owin (2.0.2)
      Owin (>= 1.0)
    Microsoft.Owin.Diagnostics (2.0.2)
      Microsoft.Owin (>= 2.0.2)
      Owin (>= 1.0)
    Microsoft.Owin.Host.HttpListener (4.0.1)
    Microsoft.Owin.Host.SystemWeb (2.0.2)
      Microsoft.Owin (>= 2.0.2)
      Owin (>= 1.0)
    Microsoft.Owin.Hosting (2.0.2)
      Microsoft.Owin (>= 2.0.2)
      Owin (>= 1.0)
    Microsoft.Owin.Security (2.0.2)
      Microsoft.Owin (>= 2.0.2)
      Owin (>= 1.0)
    Microsoft.Owin.Security.OAuth (2.0.2)
      Microsoft.Owin (>= 2.0.2)
      Microsoft.Owin.Security (>= 2.0.2)
      Newtonsoft.Json (>= 4.5.11)
      Owin (>= 1.0)
    Microsoft.Owin.SelfHost (2.0.2)
      Microsoft.Owin (>= 2.0.2)
      Microsoft.Owin.Diagnostics (>= 2.0.2)
      Microsoft.Owin.Host.HttpListener (>= 2.0.2)
      Microsoft.Owin.Hosting (>= 2.0.2)
      Owin (>= 1.0)
    Microsoft.Web.Infrastructure (1.0)
    Moq (4.12)
      Castle.Core (>= 4.4)
      System.Threading.Tasks.Extensions (>= 4.5.1)
    Newtonsoft.Json (12.0.2)
    Owin (1.0)
    System.Runtime.CompilerServices.Unsafe (4.5.2)
    System.Threading.Tasks.Extensions (4.5.3)
      System.Runtime.CompilerServices.Unsafe (>= 4.5.2)
    System.ValueTuple (4.5)
    xunit (2.4.1)
      xunit.analyzers (>= 0.10)
      xunit.assert (2.4.1)
      xunit.core (2.4.1)
    xunit.abstractions (2.0.3)
    xunit.analyzers (0.10)
    xunit.assert (2.4.1)
    xunit.core (2.4.1)
      xunit.extensibility.core (2.4.1)
      xunit.extensibility.execution (2.4.1)
    xunit.extensibility.core (2.4.1)
      xunit.abstractions (>= 2.0.3)
    xunit.extensibility.execution (2.4.1)
      xunit.extensibility.core (2.4.1)
    xunit.runner.console (2.4.1)
